GEM
  remote: https://rubygems.org/
  specs:
    awesome_print (1.6.1)
    builder (3.2.2)
    colorize (0.7.2)
    exifr (1.1.3)
    hex_string (1.0.1)
    iostruct (0.0.4)
    json (1.8.1)
    markaby (0.8.0)
      builder
    metasm (1.0.1)
    mime-types (2.2)
    multipart-post (1.1.5)
    pedump (0.5.0)
      awesome_print
      iostruct (>= 0.0.4)
      multipart-post (~> 1.1.4)
      progressbar
      zhexdump (>= 0.0.2)
    progressbar (0.21.0)
    rest-client (1.6.7)
      mime-types (>= 1.16)
    trollop (2.0)
    virustotal (2.0.0)
      json (>= 1.5.1)
      rest-client (>= 1.6.1)
    zhexdump (0.0.2)

PLATFORMS
  ruby

DEPENDENCIES
  colorize
  exifr
  hex_string
  json
  markaby
  metasm
  pedump
  rest-client
  trollop
  virustotal
