GEM
  remote: https://rubygems.org/
  specs:
    builder (3.2.2)
    colorize (0.7.2)
    exifr (1.1.3)
    hex_string (1.0.1)
    json (1.8.1)
    markaby (0.8.0)
      builder
    metasm (1.0.1)
    mime-types (2.2)
    rest-client (1.6.7)
      mime-types (>= 1.16)
    trollop (2.0)
    virustotal (2.0.0)
      json (>= 1.5.1)
      rest-client (>= 1.6.1)

PLATFORMS
  ruby

DEPENDENCIES
  colorize
  exifr
  hex_string
  json
  markaby
  metasm
  rest-client
  trollop
  virustotal
