GEM
  remote: https://rubygems.org/
  specs:
    builder (3.2.2)
    colorize (0.7.2)
    domain_name (0.5.18)
      unf (>= 0.0.5, < 1.0.0)
    exifr (1.1.3)
    hex_string (1.0.1)
    http-cookie (1.0.2)
      domain_name (~> 0.5)
    json (1.8.1)
    markaby (0.8.0)
      builder
    mechanize (2.7.3)
      domain_name (~> 0.5, >= 0.5.1)
      http-cookie (~> 1.0)
      mime-types (~> 2.0)
      net-http-digest_auth (~> 1.1, >= 1.1.1)
      net-http-persistent (~> 2.5, >= 2.5.2)
      nokogiri (~> 1.4)
      ntlm-http (~> 0.1, >= 0.1.1)
      webrobots (>= 0.0.9, < 0.2)
    metasm (1.0.1)
    mime-types (2.2)
    mini_portile (0.5.3)
    net-http-digest_auth (1.4)
    net-http-persistent (2.9.4)
    nokogiri (1.6.1)
      mini_portile (~> 0.5.0)
    ntlm-http (0.1.1)
    rest-client (1.6.7)
      mime-types (>= 1.16)
    trollop (2.0)
    unf (0.1.4)
      unf_ext
    unf_ext (0.0.6)
    virustotal (2.0.0)
      json (>= 1.5.1)
      rest-client (>= 1.6.1)
    webrobots (0.1.1)

PLATFORMS
  ruby

DEPENDENCIES
  colorize
  exifr
  hex_string
  json
  markaby
  mechanize
  metasm
  trollop
  virustotal
